STORAGE: NONE
RESTRICTION: == netstandard2.0
NUGET
  remote: https://api.nuget.org/v3/index.json
    FSharp.Core (6.0.6)
    FSharpx.Collections (3.0.1)
      FSharp.Core (>= 4.3.4)

GROUP FakeBuild
STORAGE: NONE
RESTRICTION: == net8.0
NUGET
  remote: https://api.nuget.org/v3/index.json
    BlackFox.VsWhere (1.1)
      FSharp.Core (>= 4.2.3)
      Microsoft.Win32.Registry (>= 4.7)
    Fake.Api.GitHub (6.1.3)
      FSharp.Core (>= 8.0.301)
      Octokit (>= 13.0.1)
    Fake.BuildServer.GitHubActions (6.1.3)
      Fake.Core.Environment (>= 6.1.3)
      Fake.Core.Trace (>= 6.1.3)
      FSharp.Core (>= 8.0.301)
    Fake.Core.CommandLineParsing (6.1.3)
      FParsec (>= 1.1.1)
      FSharp.Core (>= 8.0.301)
    Fake.Core.Context (6.1.3)
      FSharp.Core (>= 8.0.301)
    Fake.Core.Environment (6.1.3)
      FSharp.Core (>= 8.0.301)
    Fake.Core.FakeVar (6.1.3)
      Fake.Core.Context (>= 6.1.3)
      FSharp.Core (>= 8.0.301)
    Fake.Core.Process (6.1.3)
      Fake.Core.Environment (>= 6.1.3)
      Fake.Core.FakeVar (>= 6.1.3)
      Fake.Core.String (>= 6.1.3)
      Fake.Core.Trace (>= 6.1.3)
      Fake.IO.FileSystem (>= 6.1.3)
      FSharp.Core (>= 8.0.301)
      System.Collections.Immutable (>= 8.0)
    Fake.Core.ReleaseNotes (6.1.3)
      Fake.Core.SemVer (>= 6.1.3)
      Fake.Core.String (>= 6.1.3)
      FSharp.Core (>= 8.0.301)
    Fake.Core.SemVer (6.1.3)
      FSharp.Core (>= 8.0.301)
    Fake.Core.String (6.1.3)
      FSharp.Core (>= 8.0.301)
    Fake.Core.Target (6.1.3)
      Fake.Core.CommandLineParsing (>= 6.1.3)
      Fake.Core.Context (>= 6.1.3)
      Fake.Core.Environment (>= 6.1.3)
      Fake.Core.FakeVar (>= 6.1.3)
      Fake.Core.Process (>= 6.1.3)
      Fake.Core.String (>= 6.1.3)
      Fake.Core.Trace (>= 6.1.3)
      FSharp.Control.Reactive (>= 5.0.2)
      FSharp.Core (>= 8.0.301)
    Fake.Core.Tasks (6.1.3)
      Fake.Core.Trace (>= 6.1.3)
      FSharp.Core (>= 8.0.301)
    Fake.Core.Trace (6.1.3)
      Fake.Core.Environment (>= 6.1.3)
      Fake.Core.FakeVar (>= 6.1.3)
      FSharp.Core (>= 8.0.301)
    Fake.Core.UserInput (6.1.3)
      FSharp.Core (>= 8.0.301)
    Fake.Core.Xml (6.1.3)
      Fake.Core.String (>= 6.1.3)
      FSharp.Core (>= 8.0.301)
    Fake.DotNet.Cli (6.1.3)
      Fake.Core.Environment (>= 6.1.3)
      Fake.Core.Process (>= 6.1.3)
      Fake.Core.String (>= 6.1.3)
      Fake.Core.Trace (>= 6.1.3)
      Fake.DotNet.MSBuild (>= 6.1.3)
      Fake.DotNet.NuGet (>= 6.1.3)
      Fake.IO.FileSystem (>= 6.1.3)
      FSharp.Core (>= 8.0.301)
      Mono.Posix.NETStandard (>= 1.0)
      Newtonsoft.Json (>= 13.0.3)
    Fake.DotNet.MSBuild (6.1.3)
      BlackFox.VsWhere (>= 1.1)
      Fake.Core.Environment (>= 6.1.3)
      Fake.Core.Process (>= 6.1.3)
      Fake.Core.String (>= 6.1.3)
      Fake.Core.Trace (>= 6.1.3)
      Fake.IO.FileSystem (>= 6.1.3)
      FSharp.Core (>= 8.0.301)
      MSBuild.StructuredLogger (>= 2.1.815)
    Fake.DotNet.NuGet (6.1.3)
      Fake.Core.Environment (>= 6.1.3)
      Fake.Core.Process (>= 6.1.3)
      Fake.Core.SemVer (>= 6.1.3)
      Fake.Core.String (>= 6.1.3)
      Fake.Core.Tasks (>= 6.1.3)
      Fake.Core.Trace (>= 6.1.3)
      Fake.Core.Xml (>= 6.1.3)
      Fake.IO.FileSystem (>= 6.1.3)
      Fake.Net.Http (>= 6.1.3)
      FSharp.Core (>= 8.0.301)
      Newtonsoft.Json (>= 13.0.3)
      NuGet.Protocol (>= 6.10.1)
    Fake.DotNet.Paket (6.1.3)
      Fake.Core.Process (>= 6.1.3)
      Fake.Core.String (>= 6.1.3)
      Fake.Core.Trace (>= 6.1.3)
      Fake.DotNet.Cli (>= 6.1.3)
      Fake.IO.FileSystem (>= 6.1.3)
      FSharp.Core (>= 8.0.301)
    Fake.IO.FileSystem (6.1.3)
      Fake.Core.String (>= 6.1.3)
      Fake.Core.Trace (>= 6.1.3)
      FSharp.Core (>= 8.0.301)
    Fake.Net.Http (6.1.3)
      Fake.Core.Trace (>= 6.1.3)
      FSharp.Core (>= 8.0.301)
    Fake.Tools.Git (6.1.3)
      Fake.Core.Environment (>= 6.1.3)
      Fake.Core.Process (>= 6.1.3)
      Fake.Core.SemVer (>= 6.1.3)
      Fake.Core.String (>= 6.1.3)
      Fake.Core.Trace (>= 6.1.3)
      Fake.IO.FileSystem (>= 6.1.3)
      FSharp.Core (>= 8.0.301)
    FParsec (1.1.1)
      FSharp.Core (>= 4.3.4)
    FSharp.Control.Reactive (5.0.5)
      FSharp.Core (>= 4.7.2)
      System.Reactive (>= 5.0 < 6.0)
    FSharp.Core (8.0.401)
    Microsoft.Build.Framework (17.11.4)
    Microsoft.Build.Utilities.Core (17.11.4)
      Microsoft.Build.Framework (>= 17.11.4)
      Microsoft.NET.StringTools (>= 17.11.4)
      System.Collections.Immutable (>= 8.0)
      System.Configuration.ConfigurationManager (>= 8.0)
    Microsoft.NET.StringTools (17.11.4)
    Microsoft.Win32.Registry (5.0)
      System.Security.AccessControl (>= 5.0)
      System.Security.Principal.Windows (>= 5.0)
    Mono.Posix.NETStandard (1.0)
    MSBuild.StructuredLogger (2.2.374)
      Microsoft.Build.Framework (>= 17.5)
      Microsoft.Build.Utilities.Core (>= 17.5)
      System.Collections.Immutable (>= 8.0)
    Newtonsoft.Json (13.0.3)
    NuGet.Common (6.11.1)
      NuGet.Frameworks (>= 6.11.1)
    NuGet.Configuration (6.11.1)
      NuGet.Common (>= 6.11.1)
      System.Security.Cryptography.ProtectedData (>= 4.4)
    NuGet.Frameworks (6.11.1)
    NuGet.Packaging (6.11.1)
      Newtonsoft.Json (>= 13.0.3)
      NuGet.Configuration (>= 6.11.1)
      NuGet.Versioning (>= 6.11.1)
      System.Security.Cryptography.Pkcs (>= 6.0.4)
    NuGet.Protocol (6.11.1)
      NuGet.Packaging (>= 6.11.1)
    NuGet.Versioning (6.11.1)
    Octokit (13.0.1)
    System.Collections.Immutable (8.0)
    System.Configuration.ConfigurationManager (8.0.1)
      System.Diagnostics.EventLog (>= 8.0.1)
      System.Security.Cryptography.ProtectedData (>= 8.0)
    System.Diagnostics.EventLog (8.0.1)
    System.Reactive (5.0)
    System.Security.AccessControl (6.0.1)
    System.Security.Cryptography.Pkcs (8.0.1)
    System.Security.Cryptography.ProtectedData (8.0)
    System.Security.Principal.Windows (5.0)

GROUP Test
STORAGE: NONE
RESTRICTION: || (== net48) (== net8.0) (== net9.0)
NUGET
  remote: https://api.nuget.org/v3/index.json
    FsCheck (2.16.6)
      FSharp.Core (>= 4.2.3)
    FsCheck.NUnit (2.16.6)
      FsCheck (2.16.6)
      NUnit (>= 3.13.1 < 4.0)
    FSharp.Core (8.0.403)
    FsUnit (5.6.1)
      FSharp.Core (>= 5.0.2)
      NUnit (>= 3.14 < 4.0)
    GitHubActionsTestLogger (2.4.1)
      Microsoft.TestPlatform.ObjectModel (>= 17.10)
    Microsoft.ApplicationInsights (2.22)
      System.Diagnostics.DiagnosticSource (>= 5.0)
    Microsoft.CodeCoverage (17.13)
    Microsoft.NET.Test.Sdk (17.13)
      Microsoft.CodeCoverage (>= 17.13)
      Microsoft.TestPlatform.TestHost (>= 17.13) - restriction: || (&& (== net48) (>= netcoreapp3.1)) (== net8.0) (== net9.0)
    Microsoft.NETCore.Platforms (7.0.4) - restriction: || (&& (== net48) (< net35)) (&& (== net48) (>= netcoreapp2.0)) (&& (== net48) (< netstandard1.0) (>= win8)) (&& (== net48) (< netstandard1.3) (>= wpa81)) (&& (== net48) (< netstandard1.5) (>= uap10.0)) (&& (== net48) (>= uap10.1)) (&& (== net48) (>= wp8)) (== net8.0) (== net9.0)
    Microsoft.Testing.Extensions.Telemetry (1.6)
      Microsoft.ApplicationInsights (>= 2.22)
      Microsoft.Testing.Platform (>= 1.6)
    Microsoft.Testing.Extensions.TrxReport.Abstractions (1.6)
      Microsoft.Testing.Platform (>= 1.6)
    Microsoft.Testing.Extensions.VSTestBridge (1.6)
      Microsoft.Testing.Extensions.Telemetry (>= 1.6)
      Microsoft.Testing.Extensions.TrxReport.Abstractions (>= 1.6)
      Microsoft.Testing.Platform (>= 1.6)
      Microsoft.TestPlatform.ObjectModel (>= 17.13)
    Microsoft.Testing.Platform (1.6)
    Microsoft.Testing.Platform.MSBuild (1.6)
      Microsoft.Testing.Platform (>= 1.6)
    Microsoft.TestPlatform.ObjectModel (17.13)
      System.Reflection.Metadata (>= 1.6)
    Microsoft.TestPlatform.TestHost (17.13) - restriction: || (&& (== net48) (>= netcoreapp3.1)) (== net8.0) (== net9.0)
      Microsoft.TestPlatform.ObjectModel (>= 17.13) - restriction: || (&& (== net48) (>= netcoreapp3.1)) (== net8.0) (== net9.0)
      Newtonsoft.Json (>= 13.0.1) - restriction: || (&& (== net48) (>= netcoreapp3.1)) (== net8.0) (== net9.0)
    NETStandard.Library (2.0.3) - restriction: || (&& (== net48) (< net35)) (== net8.0) (== net9.0)
      Microsoft.NETCore.Platforms (>= 1.1)
    Newtonsoft.Json (13.0.3) - restriction: || (&& (== net48) (>= netcoreapp3.1)) (== net8.0) (== net9.0)
    NUnit (3.14)
      NETStandard.Library (>= 2.0) - restriction: || (&& (== net48) (< net35)) (== net8.0) (== net9.0)
    NUnit3TestAdapter (5.0)
      Microsoft.Testing.Extensions.VSTestBridge (>= 1.5.3)
      Microsoft.Testing.Platform.MSBuild (>= 1.5.3)
    System.Buffers (4.6) - restriction: || (== net48) (&& (== net8.0) (>= net462)) (&& (== net9.0) (>= net462)) (&& (== net9.0) (< netcoreapp2.1))
    System.Collections.Immutable (9.0.2) - restriction: || (== net48) (== net8.0) (&& (== net9.0) (>= net462)) (&& (== net9.0) (< net8.0))
      System.Memory (>= 4.5.5) - restriction: || (== net48) (&& (== net8.0) (>= net462)) (&& (== net9.0) (>= net462)) (&& (== net9.0) (< net8.0))
      System.Runtime.CompilerServices.Unsafe (>= 6.0) - restriction: || (== net48) (&& (== net8.0) (>= net462)) (&& (== net9.0) (>= net462)) (&& (== net9.0) (< net8.0))
    System.Diagnostics.DiagnosticSource (9.0.2)
      System.Memory (>= 4.5.5) - restriction: || (== net48) (&& (== net8.0) (>= net462)) (&& (== net9.0) (>= net462)) (&& (== net9.0) (< net8.0))
      System.Runtime.CompilerServices.Unsafe (>= 6.0) - restriction: || (== net48) (&& (== net8.0) (>= net462)) (&& (== net9.0) (>= net462)) (&& (== net9.0) (< net8.0))
    System.Memory (4.6) - restriction: || (== net48) (&& (== net8.0) (>= net462)) (&& (== net9.0) (>= net462)) (&& (== net9.0) (< net8.0))
      System.Buffers (>= 4.6) - restriction: || (== net48) (&& (== net8.0) (>= net462)) (&& (== net8.0) (< netcoreapp2.1)) (&& (== net9.0) (>= net462)) (&& (== net9.0) (< netcoreapp2.1))
      System.Numerics.Vectors (>= 4.6) - restriction: || (== net48) (&& (== net8.0) (>= net462)) (&& (== net8.0) (< netcoreapp2.1)) (&& (== net9.0) (>= net462)) (&& (== net9.0) (< netcoreapp2.1))
      System.Runtime.CompilerServices.Unsafe (>= 6.1) - restriction: || (== net48) (&& (== net8.0) (>= net462)) (&& (== net8.0) (< netcoreapp2.1)) (&& (== net9.0) (>= net462)) (&& (== net9.0) (< netcoreapp2.1))
    System.Numerics.Vectors (4.6) - restriction: || (== net48) (&& (== net8.0) (>= net462)) (&& (== net9.0) (>= net462)) (&& (== net9.0) (< netcoreapp2.1))
    System.Reflection.Metadata (9.0.2)
      System.Collections.Immutable (>= 9.0.2) - restriction: || (== net48) (== net8.0) (&& (== net9.0) (>= net462)) (&& (== net9.0) (< net8.0))
      System.Memory (>= 4.5.5) - restriction: || (== net48) (&& (== net8.0) (>= net462)) (&& (== net9.0) (>= net462)) (&& (== net9.0) (< net8.0))
    System.Runtime.CompilerServices.Unsafe (6.1) - restriction: || (== net48) (&& (== net8.0) (>= net462)) (&& (== net9.0) (>= net462)) (&& (== net9.0) (< netcoreapp2.1))
